GEM
  remote: http://rubygems.org/
  specs:
    activesupport (3.2.9)
      i18n (~> 0.6)
      multi_json (~> 1.0)
    awesome_print (1.1.0)
    bson (1.8.0)
      activesupport
    haml (3.1.7)
    i18n (0.6.1)
    mongo (1.8.0)
      bson (~> 1.8.0)
    multi_json (1.3.7)
    rack (1.4.1)
    rack-protection (1.2.0)
      rack
    sinatra (1.3.3)
      rack (~> 1.3, >= 1.3.6)
      rack-protection (~> 1.2)
      tilt (~> 1.3, >= 1.3.3)
    tilt (1.3.3)

PLATFORMS
  ruby

DEPENDENCIES
  awesome_print
  haml
  mongo
  sinatra
